GEM
  remote: https://rubygems.org/
  specs:
    sorbet-runtime (0.5.11104)

PLATFORMS
  arm64-darwin-22

DEPENDENCIES
  sorbet-runtime (~> 0.5.11104)

BUNDLED WITH
   2.4.20
